GEM
  remote: http://rubygems.org/
  specs:
    cuba (3.0.0)
      rack
    rack (2.2.3)
    ruby-usb (0.2.1)
    tilt (1.3.3)

PLATFORMS
  ruby

DEPENDENCIES
  cuba
  ruby-usb
  tilt
