GEM
  remote: http://rubygems.org/
  specs:
    ruby-usb (0.2.1)

PLATFORMS
  ruby

DEPENDENCIES
  ruby-usb
